GEM
  remote: http://rubygems.org/
  specs:
    activesupport (4.0.3)
      i18n (~> 0.6, >= 0.6.4)
      minitest (~> 4.2)
      multi_json (~> 1.3)
      thread_safe (~> 0.1)
      tzinfo (~> 0.3.37)
    atomic (1.1.14)
    i18n (0.6.9)
    jira-ruby (0.1.17)
      activesupport
      oauth
    minitest (4.7.5)
    multi_json (1.8.4)
    oauth (0.4.7)
    pasteboard (1.0)
    rb-appscript (0.6.1)
    terminal-notifier (1.5.1)
    thread_safe (0.1.3)
      atomic
    tzinfo (0.3.38)

PLATFORMS
  ruby

DEPENDENCIES
  jira-ruby (= 0.1.17)
  pasteboard
  rb-appscript
  terminal-notifier (= 1.5.1)
